GEM
  remote: https://rubygems.org/
  specs:
    pg (1.4.1)

PLATFORMS
  x86_64-linux

DEPENDENCIES
  pg

BUNDLED WITH
   2.3.8
